GEM
  remote: https://rubygems.org/
  specs:
    rake (12.3.1)

PLATFORMS
  ruby

DEPENDENCIES
  rake

RUBY VERSION
   ruby 2.3.5p376

BUNDLED WITH
   1.16.1
